GEM
  remote: http://rubygems.org/
  specs:
    minitest (5.4.2)

PLATFORMS
  ruby

DEPENDENCIES
  minitest (~> 5.2)
